PATH
  remote: .
  specs:
    deacon (1.0.0)

GEM
  remote: http://rubygems.org/
  specs:
    psych (4.0.3)
      stringio
    rake (13.0.6)
    rdoc (6.4.0)
      psych (>= 4.0.0)
    stringio (3.0.1)

PLATFORMS
  ruby

DEPENDENCIES
  deacon!
  rake
  rdoc

BUNDLED WITH
   2.1.4
